GEM
  remote: https://rubygems.org/
  specs:
    json (1.8.0)

PLATFORMS
  ruby

DEPENDENCIES
  json (= 1.8.0)
